GEM
  remote: http://rubygems.org/
  specs:
    activesupport (3.2.8)
      i18n (~> 0.6)
      multi_json (~> 1.0)
    aws-sdk (1.7.1)
      httparty (~> 0.7)
      json (~> 1.4)
      nokogiri (>= 1.4.4)
      uuidtools (~> 2.1)
    commander (4.1.2)
      highline (~> 1.6.11)
    cssminify (1.0.2)
    expectations (2.0.0)
      mocha (>= 0.5.5)
    formatador (0.2.4)
    highline (1.6.15)
    httparty (0.9.0)
      multi_json (~> 1.0)
      multi_xml
    i18n (0.6.1)
    json (1.7.5)
    kramdown (0.14.0)
    listen (0.5.3)
    metaclass (0.0.1)
    mocha (0.12.7)
      metaclass (~> 0.0.1)
    multi_json (1.3.6)
    multi_xml (0.5.1)
    nokogiri (1.5.5)
    open4 (1.3.0)
    paint (0.8.5)
    pdfcrowd (2.3.0)
    rb-fsevent (0.9.2)
    sass (3.2.1)
    shell-executer (1.0.1)
      expectations
      open4
    stamp (0.2.0)
    uuidtools (2.1.3)

PLATFORMS
  ruby

DEPENDENCIES
  activesupport
  aws-sdk
  commander
  cssminify
  formatador
  kramdown
  listen
  paint
  pdfcrowd
  rb-fsevent (~> 0.9.1)
  sass
  shell-executer
  stamp
