GEM
  remote: http://rubygems.org/
  specs:
    activesupport (3.2.12)
      i18n (~> 0.6)
      multi_json (~> 1.0)
    aws-sdk (1.11.2)
      json (~> 1.4)
      nokogiri (< 1.6.0)
      uuidtools (~> 2.1)
    coderay (1.0.9)
    commander (4.1.3)
      highline (~> 1.6.11)
    cssminify (1.0.2)
    diff-lcs (1.2.1)
    expectations (2.0.0)
      mocha (>= 0.5.5)
    formatador (0.2.4)
    guard (1.6.2)
      listen (>= 0.6.0)
      lumberjack (>= 1.0.2)
      pry (>= 0.9.10)
      terminal-table (>= 1.4.3)
      thor (>= 0.14.6)
    guard-rspec (2.5.1)
      guard (>= 1.1)
      rspec (~> 2.11)
    highline (1.6.15)
    i18n (0.6.4)
    json (1.8.0)
    kramdown (1.0.1)
    listen (0.7.3)
    lumberjack (1.0.2)
    metaclass (0.0.1)
    method_source (0.8.1)
    mocha (0.13.3)
      metaclass (~> 0.0.1)
    multi_json (1.6.1)
    nokogiri (1.5.10)
    open4 (1.3.0)
    paint (0.8.5)
    pdfcrowd (2.4.0)
    pry (0.9.12)
      coderay (~> 1.0.5)
      method_source (~> 0.8)
      slop (~> 3.4)
    rb-fsevent (0.9.3)
    rspec (2.13.0)
      rspec-core (~> 2.13.0)
      rspec-expectations (~> 2.13.0)
      rspec-mocks (~> 2.13.0)
    rspec-core (2.13.1)
    rspec-expectations (2.13.0)
      diff-lcs (>= 1.1.3, < 2.0)
    rspec-mocks (2.13.0)
    sass (3.2.7)
    shell-executer (1.0.1)
      expectations
      open4
    slop (3.4.4)
    stamp (0.5.0)
    terminal-table (1.4.5)
    thor (0.17.0)
    uuidtools (2.1.4)

PLATFORMS
  ruby

DEPENDENCIES
  activesupport
  aws-sdk
  commander
  cssminify
  formatador
  guard
  guard-rspec
  kramdown
  listen
  paint
  pdfcrowd
  rb-fsevent (~> 0.9.1)
  rspec
  sass
  shell-executer
  stamp
