GEM
  remote: http://rubygems.org/
  specs:
    activesupport (3.2.8)
      i18n (~> 0.6)
      multi_json (~> 1.0)
    addressable (2.3.2)
    aws-sdk (1.7.1)
      httparty (~> 0.7)
      json (~> 1.4)
      nokogiri (>= 1.4.4)
      uuidtools (~> 2.1)
    childprocess (0.3.5)
      ffi (~> 1.0, >= 1.0.6)
    commander (4.1.2)
      highline (~> 1.6.11)
    expectations (2.0.0)
      mocha (>= 0.5.5)
    ffi (1.1.5)
    highline (1.6.15)
    httparty (0.9.0)
      multi_json (~> 1.0)
      multi_xml
    i18n (0.6.1)
    json (1.7.5)
    kramdown (0.14.0)
    libwebsocket (0.1.5)
      addressable
    listen (0.5.3)
    metaclass (0.0.1)
    mocha (0.12.7)
      metaclass (~> 0.0.1)
    multi_json (1.3.6)
    multi_xml (0.5.1)
    nokogiri (1.5.5)
    open4 (1.3.0)
    pdfcrowd (2.3.0)
    rb-fsevent (0.9.2)
    rubyzip (0.9.9)
    sass (3.2.1)
    selenium-webdriver (2.25.0)
      childprocess (>= 0.2.5)
      libwebsocket (~> 0.1.3)
      multi_json (~> 1.0)
      rubyzip
    shell-executer (1.0.1)
      expectations
      open4
    stamp (0.2.0)
    uuidtools (2.1.3)
    wicked_pdf (0.7.9)

PLATFORMS
  ruby

DEPENDENCIES
  activesupport
  aws-sdk
  commander
  kramdown
  listen
  pdfcrowd
  rb-fsevent (~> 0.9.1)
  sass
  selenium-webdriver
  shell-executer
  stamp
  wicked_pdf
